GEM
  remote: https://rubygems.org/
  specs:
    dotenv (2.7.6)
    multi_json (1.15.0)
    mustermann (1.1.1)
      ruby2_keywords (~> 0.0.1)
    nio4r (2.5.7)
    pg (1.2.3)
    puma (5.3.1)
      nio4r (~> 2.0)
    rack (2.2.3)
    rack-protection (2.1.0)
      rack
    ruby2_keywords (0.0.4)
    sequel (5.44.0)
    sequel_pg (1.14.0)
      pg (>= 0.18.0, != 1.2.0)
      sequel (>= 4.38.0)
    sinatra (2.1.0)
      mustermann (~> 1.0)
      rack (~> 2.2)
      rack-protection (= 2.1.0)
      tilt (~> 2.0)
    sinatra-contrib (2.1.0)
      multi_json
      mustermann (~> 1.0)
      rack-protection (= 2.1.0)
      sinatra (= 2.1.0)
      tilt (~> 2.0)
    tilt (2.0.10)

PLATFORMS
  x86_64-darwin-19
  x86_64-linux-musl

DEPENDENCIES
  dotenv (~> 2.7)
  pg
  puma
  sequel
  sequel_pg
  sinatra
  sinatra-contrib (~> 2.1)

BUNDLED WITH
   2.2.17
